PATH
  remote: .
  specs:
    tiny_ring (1.1.0)

GEM
  remote: https://rubygems.org/
  specs:
    minitest (5.20.0)

PLATFORMS
  x86_64-darwin-21

DEPENDENCIES
  minitest
  tiny_ring!

BUNDLED WITH
   2.3.14
